GEM
  remote: https://rubygems.org/
  specs:
    awesome_print (1.8.0)
    bugsnag (6.13.0)
      concurrent-ruby (~> 1.0)
    byebug (11.1.1)
    concurrent-ruby (1.1.6)
    eventmachine (1.2.7)
    io-console (0.5.6)
    irb (1.2.3)
      reline (>= 0.0.1)
    json (2.3.0)
    power_assert (1.1.7)
    rake (13.0.1)
    redis (4.1.3)
    reline (0.1.3)
      io-console (~> 0.5)
    test-unit (3.3.5)
      power_assert
    thread (0.2.2)

PLATFORMS
  ruby

DEPENDENCIES
  awesome_print
  bugsnag
  byebug
  eventmachine
  irb
  json
  rake
  redis
  test-unit
  thread

BUNDLED WITH
   1.17.2
