GEM
  remote: https://rubygems.org/
  specs:
    bugsnag (2.8.6)
      multi_json (~> 1.0)
    bugsnag-em (0.1)
      bugsnag
      eventmachine
      lspace (>= 0.13)
    coderay (1.1.0)
    eventmachine (1.0.7)
    json (1.8.2)
    lspace (0.13)
    method_source (0.8.2)
    multi_json (1.11.0)
    pry (0.10.1)
      coderay (~> 1.1.0)
      method_source (~> 0.8.1)
      slop (~> 3.4)
    pry-nav (0.2.4)
      pry (>= 0.9.10, < 0.11.0)
    rake (10.4.2)
    redis (3.2.1)
    slop (3.6.0)
    thread (0.2.0)

PLATFORMS
  ruby

DEPENDENCIES
  bugsnag-em
  eventmachine
  json
  pry-nav
  rake
  redis
  thread
