GEM
  remote: https://rubygems.org/
  specs:
    awesome_print (1.8.0)
    bugsnag (6.11.1)
      concurrent-ruby (~> 1.0)
    byebug (11.0.1)
    concurrent-ruby (1.1.5)
    eventmachine (1.2.7)
    irb (1.0.0)
    json (2.2.0)
    power_assert (1.1.4)
    rake (12.3.2)
    redis (4.1.0)
    test-unit (3.3.2)
      power_assert
    thread (0.2.2)

PLATFORMS
  ruby

DEPENDENCIES
  awesome_print
  bugsnag
  byebug
  eventmachine
  irb
  json
  rake
  redis
  test-unit
  thread

BUNDLED WITH
   1.17.2
