GEM
  remote: https://rubygems.org/
  specs:
    bugsnag (6.11.1)
      concurrent-ruby (~> 1.0)
    bugsnag-em (0.1)
      bugsnag
      eventmachine
      lspace (>= 0.13)
    concurrent-ruby (1.1.5)
    eventmachine (1.2.7)
    irb (1.0.0)
    json (2.2.0)
    lspace (0.14)
    rake (12.3.2)
    redis (4.1.0)
    thread (0.2.2)

PLATFORMS
  ruby

DEPENDENCIES
  bugsnag-em
  eventmachine
  irb
  json
  rake
  redis
  thread

BUNDLED WITH
   1.17.2
